PATH
  remote: .
  specs:
    ispras-api (0.1.4)
      httparty (~> 0.13)
      nori (~> 2.6)

GEM
  remote: https://rubygems.org/
  specs:
    dotenv (2.0.1)
    httparty (0.13.3)
      json (~> 1.8)
      multi_xml (>= 0.5.2)
    json (1.8.2)
    minitest (5.6.1)
    multi_xml (0.5.5)
    nori (2.6.0)
    rake (10.4.2)

PLATFORMS
  ruby

DEPENDENCIES
  dotenv (~> 2.0)
  ispras-api!
  minitest (~> 5.6)
  rake (~> 10.4)
